GEM
  remote: https://rubygems.org/
  specs:
    activesupport (5.0.0.1)
      concurrent-ruby (~> 1.0, >= 1.0.2)
      i18n (~> 0.7)
      minitest (~> 5.1)
      tzinfo (~> 1.1)
    alexa_skills_ruby (0.0.7)
      activesupport (>= 4.2)
      multi_json (~> 1.0)
    concurrent-ruby (1.0.2)
    i18n (0.7.0)
    mini_portile2 (2.0.0)
    minitest (5.10.1)
    multi_json (1.12.1)
    nokogiri (1.6.7.2-x64-mingw32)
      mini_portile2 (~> 2.0.0.rc2)
    rack (1.6.5)
    rack-protection (1.5.3)
      rack
    sinatra (1.4.7)
      rack (~> 1.5)
      rack-protection (~> 1.4)
      tilt (>= 1.3, < 3)
    thread_safe (0.3.5)
    tilt (2.0.5)
    tzinfo (1.2.2)
      thread_safe (~> 0.1)

PLATFORMS
  x64-mingw32

DEPENDENCIES
  alexa_skills_ruby
  nokogiri
  sinatra

BUNDLED WITH
   1.13.6
